GEM
  remote: https://rubygems.org/
  specs:
    ast (2.4.0)
    httparty (0.18.0)
      mime-types (~> 3.0)
      multi_xml (>= 0.5.2)
    httpclient (2.8.3)
    kwalify (0.7.2)
    mime-types (3.3.1)
      mime-types-data (~> 3.2015)
    mime-types-data (3.2020.0512)
    mini_portile2 (2.4.0)
    multi_xml (0.6.0)
    nokogiri (1.10.9)
      mini_portile2 (~> 2.4.0)
    parser (2.7.1.2)
      ast (~> 2.4.0)
    psych (3.1.0)
    rainbow (3.0.0)
    reek (6.0.0)
      kwalify (~> 0.7.0)
      parser (>= 2.5.0.0, < 2.8, != 2.5.1.1)
      psych (~> 3.1.0)
      rainbow (>= 2.0, < 4.0)

PLATFORMS
  ruby

DEPENDENCIES
  httparty
  httpclient
  nokogiri
  reek

BUNDLED WITH
   2.1.4
